GEM
  remote: https://rubygems.org/
  specs:
    puma (3.4.0)
    rack (1.6.4)
    rack-rewrite (1.5.1)

PLATFORMS
  ruby

DEPENDENCIES
  puma
  rack
  rack-rewrite

BUNDLED WITH
   1.12.5
