GEM
  remote: https://rubygems.org/
  specs:
    nio4r (2.5.2)
    puma (4.3.0)
      nio4r (~> 2.0)
    rack (2.2.2)
    rack-rewrite (1.5.1)

PLATFORMS
  ruby

DEPENDENCIES
  puma
  rack
  rack-rewrite

BUNDLED WITH
   1.12.5
